GEM
  remote: https://rubygems.org/
  specs:
    minitest (5.16.2)
    ruby2d (0.11.3)

PLATFORMS
  x86_64-linux

DEPENDENCIES
  minitest (~> 5.8, >= 5.8.4)
  ruby2d (~> 0.11.3)

BUNDLED WITH
   2.3.17
